GEM
  remote: http://rubygems.org/
  specs:
    aws_cf_signer (0.1.1)
    backports (2.6.4)
    cloudinary (1.0.37)
      aws_cf_signer
      rest-client
    daemons (1.1.9)
    dropbox-sdk (1.5.1)
      json
    eventmachine (0.12.10)
    foreman (0.59.0)
      thor (>= 0.13.6)
    json (1.7.5)
    mime-types (1.19)
    rack (1.4.1)
    rack-protection (1.2.0)
      rack
    rack-test (0.6.1)
      rack (>= 1.0)
    redis (3.0.1)
    rest-client (1.6.7)
      mime-types (>= 1.16)
    simple_oauth (0.1.9)
    sinatra (1.3.3)
      rack (~> 1.3, >= 1.3.6)
      rack-protection (~> 1.2)
      tilt (~> 1.3, >= 1.3.3)
    sinatra-contrib (1.3.1)
      backports (>= 2.0)
      eventmachine
      rack-protection
      rack-test
      sinatra (~> 1.3.0)
      tilt (~> 1.3)
    thin (1.4.1)
      daemons (>= 1.0.9)
      eventmachine (>= 0.12.6)
      rack (>= 1.0.0)
    thor (0.16.0)
    tilt (1.3.3)

PLATFORMS
  ruby

DEPENDENCIES
  cloudinary
  dropbox-sdk
  foreman
  redis
  simple_oauth
  sinatra
  sinatra-contrib
  thin
